GIT
  remote: git@github.com:adamcw/psd.rb.git
  revision: 6a4ece41841bfa2dd22c528407e598ce93ccf5f8
  specs:
    psd (3.3.2)
      chunky_png
      psd-enginedata (~> 1)
      rake
      xmp

GEM
  remote: https://rubygems.org/
  specs:
    chunky_png (1.3.4)
    hashie (3.4.1)
    nokogiri (1.5.11)
    psd-enginedata (1.1.1)
      hashie
    rake (10.4.2)
    xmp (0.2.0)
      nokogiri (~> 1.5.0)

PLATFORMS
  ruby

DEPENDENCIES
  psd!
